GEM
  remote: https://rubygems.org/
  specs:
    blankslate (3.1.3)
    citrus (3.0.2)
    ffi (1.9.8)
    kicker (3.0.0)
      listen (~> 1.3.0)
      notify (~> 0.5.2)
    listen (1.3.1)
      rb-fsevent (>= 0.9.3)
      rb-inotify (>= 0.9)
      rb-kqueue (>= 0.2)
    minitest (5.5.1)
    notify (0.5.2)
    parslet (1.6.2)
      blankslate (>= 2.0, <= 4.0)
    rb-fsevent (0.9.4)
    rb-inotify (0.9.5)
      ffi (>= 0.5.0)
    rb-kqueue (0.2.3)
      ffi (>= 0.5.0)

PLATFORMS
  ruby

DEPENDENCIES
  citrus
  kicker
  minitest
  parslet
